PATH
  remote: .
  specs:
    hipstersmoothie-auto-test (0.1.14)

GEM
  remote: https://rubygems.org/
  specs:
    rake (10.5.0)

PLATFORMS
  ruby

DEPENDENCIES
  bundler (~> 1.17)
  hipstersmoothie-auto-test!
  rake (~> 10.0)

BUNDLED WITH
   1.17.2
