PATH
  remote: .
  specs:
    hello_world (0.1.5)

GEM
  remote: https://rubygems.org/
  specs:
    rake (10.5.0)

PLATFORMS
  ruby

DEPENDENCIES
  bundler (~> 1.17)
  hello_world!
  rake (~> 10.0)

BUNDLED WITH
   1.17.2
