PATH
  remote: .
  specs:
    hipstersmoothie-auto-test (0.1.9)

GEM
  remote: https://rubygems.org/
  specs:
    rake (13.0.1)

PLATFORMS
  ruby

DEPENDENCIES
  bundler (~> 1.17)
  hipstersmoothie-auto-test!
  rake (~> 13.0)

BUNDLED WITH
   1.17.2
